GEM
  remote: https://rubygems.org/
  specs:
    docile (1.3.5)
    simplecov (0.21.2)
      docile (~> 1.1)
      simplecov-html (~> 0.11)
      simplecov_json_formatter (~> 0.1)
    simplecov-html (0.12.3)
    simplecov_json_formatter (0.1.2)
    tty-font (0.2.0)

PLATFORMS
  x86_64-darwin-19
  x86_64-darwin-20

DEPENDENCIES
  simplecov
  tty-font (~> 0.2.0)

BUNDLED WITH
   2.2.5
